GEM
  remote: https://rubygems.org/
  specs:
    json (2.3.0)
    jwt (2.2.1)
    mail (2.7.1)
      mini_mime (>= 0.1.1)
    mime-types (3.3.1)
      mime-types-data (~> 3.2015)
    mime-types-data (3.2020.0512)
    mini_mime (1.0.2)
    oauth (0.5.4)
    pg (1.2.3)
    tofu (0.3.3)
    twitter_oauth (0.4.94)
      json (>= 1.8.0)
      mime-types (>= 1.16)
      oauth (>= 0.4.7)

PLATFORMS
  ruby

DEPENDENCIES
  json
  jwt
  mail
  pg
  tofu
  twitter_oauth

BUNDLED WITH
   2.1.2
