GEM
  remote: https://rubygems.org/
  specs:
    addressable (2.8.0)
      public_suffix (>= 2.0.2, < 5.0)
    aws-eventstream (1.1.1)
    aws-partitions (1.478.0)
    aws-sdk-core (3.117.0)
      aws-eventstream (~> 1, >= 1.0.2)
      aws-partitions (~> 1, >= 1.239.0)
      aws-sigv4 (~> 1.1)
      jmespath (~> 1.0)
    aws-sdk-kms (1.44.0)
      aws-sdk-core (~> 3, >= 3.112.0)
      aws-sigv4 (~> 1.1)
    aws-sdk-s3 (1.96.1)
      aws-sdk-core (~> 3, >= 3.112.0)
      aws-sdk-kms (~> 1)
      aws-sigv4 (~> 1.1)
    aws-sigv4 (1.2.4)
      aws-eventstream (~> 1, >= 1.0.2)
    buftok (0.2.0)
    domain_name (0.5.20190701)
      unf (>= 0.0.5, < 1.0.0)
    equalizer (0.0.11)
    ffi (1.15.3)
    ffi-compiler (1.0.1)
      ffi (>= 1.0.0)
      rake
    http (4.4.1)
      addressable (~> 2.3)
      http-cookie (~> 1.0)
      http-form_data (~> 2.2)
      http-parser (~> 1.2.0)
    http-cookie (1.0.4)
      domain_name (~> 0.5)
    http-form_data (2.3.0)
    http-parser (1.2.3)
      ffi-compiler (>= 1.0, < 2.0)
    http_parser.rb (0.6.0)
    jmespath (1.6.1)
    json (2.5.1)
    jwt (2.2.3)
    memoizable (0.4.2)
      thread_safe (~> 0.3, >= 0.3.1)
    multipart-post (2.1.1)
    naught (1.1.0)
    pg (1.2.3)
    public_suffix (4.0.6)
    rake (13.0.6)
    simple_oauth (0.3.1)
    thread_safe (0.3.6)
    tofu (0.3.4)
    twitter (7.0.0)
      addressable (~> 2.3)
      buftok (~> 0.2.0)
      equalizer (~> 0.0.11)
      http (~> 4.0)
      http-form_data (~> 2.0)
      http_parser.rb (~> 0.6.0)
      memoizable (~> 0.4.0)
      multipart-post (~> 2.0)
      naught (~> 1.0)
      simple_oauth (~> 0.3.0)
    unf (0.1.4)
      unf_ext
    unf_ext (0.0.7.7)
    webrick (1.7.0)

PLATFORMS
  ruby

DEPENDENCIES
  aws-sdk-s3
  json
  jwt
  pg
  tofu
  twitter
  webrick

RUBY VERSION
   ruby 3.1.2p20

BUNDLED WITH
   2.2.13
